GEM
  remote: https://rubygems.org/
  specs:
    diff-lcs (1.3)
    mustermann (2.0.2)
      ruby2_keywords (~> 0.0.1)
    nio4r (2.5.9)
    prometheus-client (4.1.0)
    puma (4.3.12)
      nio4r (~> 2.0)
    puma-metrics (1.2.4)
      prometheus-client (>= 0.10)
      puma (>= 3.0)
    rack (2.2.6.4)
    rack-protection (2.2.3)
      rack
    rack-test (2.1.0)
      rack (>= 1.3)
    rake (13.0.1)
    rspec (3.9.0)
      rspec-core (~> 3.9.0)
      rspec-expectations (~> 3.9.0)
      rspec-mocks (~> 3.9.0)
    rspec-core (3.9.1)
      rspec-support (~> 3.9.1)
    rspec-expectations (3.9.0)
      diff-lcs (>= 1.2.0, < 2.0)
      rspec-support (~> 3.9.0)
    rspec-mocks (3.9.1)
      diff-lcs (>= 1.2.0, < 2.0)
      rspec-support (~> 3.9.0)
    rspec-support (3.9.2)
    ruby2_keywords (0.0.5)
    sinatra (2.2.3)
      mustermann (~> 2.0)
      rack (~> 2.2)
      rack-protection (= 2.2.3)
      tilt (~> 2.0)
    tilt (2.1.0)

PLATFORMS
  ruby

DEPENDENCIES
  puma (= 4.3.12)
  puma-metrics
  rack-test (>= 2.0.0)
  rake
  rspec
  sinatra (= 2.2.3)

BUNDLED WITH
   2.1.4
